PATH
  remote: .
  specs:
    minsc (0.0.0)

GEM
  remote: http://rubygems.org/
  specs:
    minitest (5.8.4)
    rake (11.1.2)

PLATFORMS
  ruby

DEPENDENCIES
  minitest (~> 5.8, >= 5.8.4)
  minsc!
  rake (~> 11.1, >= 11.1.2)

BUNDLED WITH
   1.11.2
